GEM
  remote: https://rubygems.org/
  specs:
    columnize (0.8.9)
    debugger (1.6.8)
      columnize (>= 0.3.1)
      debugger-linecache (~> 1.2.0)
      debugger-ruby_core_source (~> 1.3.5)
    debugger-linecache (1.2.0)
    debugger-ruby_core_source (1.3.5)
    m (1.3.2)
      method_source (>= 0.6.7)
      rake (>= 0.9.2.2)
    method_source (0.8.2)
    minitest (5.3.4)
    rake (10.3.2)

PLATFORMS
  ruby

DEPENDENCIES
  debugger
  m
  minitest
